GEM
  remote: https://rubygems.org/
  specs:
    ProMotion (1.2.0)
      methadone (~> 1.3)
      motion-require (~> 0.2)
    dbt (1.1.5)
    methadone (1.4.0)
      bundler
    motion-kit (0.10.2)
      dbt (~> 1.1.5)
    motion-require (0.2.0)
    rake (10.3.2)

PLATFORMS
  ruby

DEPENDENCIES
  ProMotion (~> 1.2.0)
  motion-kit
  rake
